GEM
  specs:
    term-ansicolor (1.0.6)

PLATFORMS
  ruby

DEPENDENCIES
  term-ansicolor
